GEM
  remote: http://rubygems.org/
  specs:
    albino (1.3.3)
      posix-spawn (>= 0.3.6)
    bourbon (3.0.1)
      sass (>= 3.2.0)
      thor
    classifier (1.3.3)
      fast-stemmer (>= 1.0.0)
    directory_watcher (1.4.1)
    fast-stemmer (1.0.1)
    ffi (1.2.0)
    jekyll (0.11.2)
      albino (~> 1.3)
      classifier (~> 1.3)
      directory_watcher (~> 1.1)
      kramdown (~> 0.13)
      liquid (~> 2.3)
      maruku (~> 0.5)
    kramdown (0.14.1)
    liquid (2.4.1)
    listen (0.6.0)
    maruku (0.6.1)
      syntax (>= 1.0.0)
    neat (1.0.2)
      bourbon (>= 2.1)
      sass (>= 3.2)
    posix-spawn (0.3.6)
    rake (10.0.2)
    rb-inotify (0.8.8)
      ffi (>= 0.5.0)
    sass (3.2.3)
    syntax (1.0.0)
    thor (0.16.0)

PLATFORMS
  ruby

DEPENDENCIES
  bourbon
  jekyll
  listen
  neat
  rake
  rb-inotify (~> 0.8.8)
  sass
